GIT
  remote: git://github.com/collectiveidea/tinder.git
  revision: ffaabb43a82dc8ea46e82bd098cad4f5fdc43a80
  tag: v1.6.0
  specs:
    tinder (1.6.0)
      activesupport (>= 2.3, < 4)
      eventmachine (~> 0.12)
      faraday (>= 0.6, < 0.8)
      faraday_middleware (>= 0.6, < 0.8)
      hashie (~> 1.0)
      mime-types (~> 1.16)
      multi_json (~> 1.0)
      multipart-post (~> 1.1)
      twitter-stream (~> 0.1)

GIT
  remote: git://github.com/indirect/firering.git
  revision: fb71d3443bb75a71ebcf88d30cf15e9bb48f56ed
  specs:
    firering (1.0.8)
      em-http-request (~> 0.3.0)
      eventmachine (~> 0.12.10)
      yajl-ruby (~> 0.7.6)

PATH
  remote: campfire/polling_bot/plugins/image_search
  specs:
    image_search (1.0)
      google-search
      httparty

PATH
  remote: campfire/polling_bot/plugins/remind_me
  specs:
    remind_me (1.0)
      chronic

PATH
  remote: campfire/polling_bot/plugins/twitter_search
  specs:
    twitter_search (1.0)
      httparty

GEM
  remote: http://rubygems.org/
  specs:
    activesupport (3.1.0)
      multi_json (~> 1.0)
    addressable (2.2.4)
    capistrano (2.5.19)
      highline
      net-scp (>= 1.0.0)
      net-sftp (>= 2.0.0)
      net-ssh (>= 2.0.14)
      net-ssh-gateway (>= 1.0.0)
    chronic (0.3.0)
    columnize (0.3.2)
    crack (0.1.8)
    daemons (1.1.0)
    data_objects (0.10.3)
      addressable (~> 2.1)
    diff-lcs (1.1.2)
    dm-core (1.0.2)
      addressable (~> 2.2)
      extlib (~> 0.9.15)
    dm-do-adapter (1.0.2)
      data_objects (~> 0.10.2)
      dm-core (~> 1.0.2)
    dm-migrations (1.0.2)
      dm-core (~> 1.0.2)
    dm-sqlite-adapter (1.0.2)
      dm-do-adapter (~> 1.0.2)
      do_sqlite3 (~> 0.10.2)
    do_sqlite3 (0.10.3)
      data_objects (= 0.10.3)
    em-http-request (0.3.0)
      addressable (>= 2.0.0)
      escape_utils
      eventmachine (>= 0.12.9)
    escape_utils (0.2.2)
    eventmachine (0.12.10)
    extlib (0.9.15)
    faraday (0.6.1)
      addressable (~> 2.2.4)
      multipart-post (~> 1.1.0)
      rack (>= 1.1.0, < 2)
    faraday_middleware (0.6.5)
      faraday (~> 0.6.0)
    google-search (1.0.2)
      json
    hashie (1.1.0)
    highline (1.6.1)
    http_parser.rb (0.5.2)
    httparty (0.6.1)
      crack (= 0.1.8)
    i18n (0.5.0)
    json (1.5.3)
    linecache (0.43)
    mime-types (1.16)
    multi_json (1.0.3)
    multipart-post (1.1.3)
    net-scp (1.0.4)
      net-ssh (>= 1.99.1)
    net-sftp (2.0.5)
      net-ssh (>= 2.0.9)
    net-ssh (2.1.0)
    net-ssh-gateway (1.0.1)
      net-ssh (>= 1.99.1)
    rack (1.3.2)
    railsless-deploy (1.0.2)
    rake (0.8.7)
    rspec (2.6.0)
      rspec-core (~> 2.6.0)
      rspec-expectations (~> 2.6.0)
      rspec-mocks (~> 2.6.0)
    rspec-core (2.6.4)
    rspec-expectations (2.6.0)
      diff-lcs (~> 1.1.2)
    rspec-mocks (2.6.0)
    ruby-debug (0.10.4)
      columnize (>= 0.1)
      ruby-debug-base (~> 0.10.4.0)
    ruby-debug-base (0.10.4)
      linecache (>= 0.3)
    simple_oauth (0.1.5)
    twitter-stream (0.1.14)
      eventmachine (>= 0.12.8)
      http_parser.rb (~> 0.5.1)
      simple_oauth (~> 0.1.4)
    yajl-ruby (0.7.9)

PLATFORMS
  ruby

DEPENDENCIES
  capistrano
  daemons
  data_objects
  dm-core
  dm-migrations
  dm-sqlite-adapter
  do_sqlite3
  firering (~> 1.0.8)!
  i18n
  image_search!
  json (= 1.5.3)
  railsless-deploy
  rake
  remind_me!
  rspec (~> 2.6.0)
  ruby-debug
  tinder!
  twitter_search!
